GEM
  remote: https://rubygems.org/
  specs:
    coderay (1.1.3)
    colorize (0.8.1)
    date (3.3.4)
    date (3.3.4-java)
    deep_merge (1.2.2)
    diff-lcs (1.5.0)
    docile (1.4.0)
    ffi (1.15.5-java)
    json (2.6.2)
    json (2.6.2-java)
    magritte (0.5.8)
    method_source (1.0.0)
    open-uri (0.4.1)
      stringio
      time
      uri
    optimist (3.0.1)
    pry (0.14.1)
      coderay (~> 1.1)
      method_source (~> 1.0)
    pry (0.14.1-java)
      coderay (~> 1.1)
      method_source (~> 1.0)
      spoon (~> 0.0)
    rake (13.0.6)
    rspec (3.12.0)
      rspec-core (~> 3.12.0)
      rspec-expectations (~> 3.12.0)
      rspec-mocks (~> 3.12.0)
    rspec-collection_matchers (1.2.0)
      rspec-expectations (>= 2.99.0.beta1)
    rspec-core (3.12.0)
      rspec-support (~> 3.12.0)
    rspec-expectations (3.12.0)
      diff-lcs (>= 1.2.0, < 2.0)
      rspec-support (~> 3.12.0)
    rspec-mocks (3.12.0)
      diff-lcs (>= 1.2.0, < 2.0)
      rspec-support (~> 3.12.0)
    rspec-support (3.12.0)
    simplecov (0.21.2)
      docile (~> 1.1)
      simplecov-html (~> 0.11)
      simplecov_json_formatter (~> 0.1)
    simplecov-html (0.12.3)
    simplecov_json_formatter (0.1.4)
    spoon (0.0.6)
      ffi
    stringio (3.1.0)
    stringio (3.1.0-java)
    time (0.3.0)
      date
    uri (0.11.0)
    uri-query_params (0.8.1)
    yaml (0.2.0)

PLATFORMS
  ruby
  universal-java-1.8

DEPENDENCIES
  colorize
  deep_merge
  json
  magritte
  open-uri
  optimist
  pry
  rake
  rspec
  rspec-collection_matchers
  rspec-mocks
  simplecov
  uri
  uri-query_params
  yaml

BUNDLED WITH
   2.3.25
